GEM
  remote: https://rubygems.org/
  specs:
    activesupport (3.2.17)
      i18n (~> 0.6, >= 0.6.4)
      multi_json (~> 1.0)
    bootstrap-sass (3.3.1.0)
      sass (~> 3.2)
    capistrano (2.15.5)
      highline
      net-scp (>= 1.0.0)
      net-sftp (>= 2.0.0)
      net-ssh (>= 2.0.14)
      net-ssh-gateway (>= 1.1.0)
    chunky_png (1.3.3)
    compass (1.0.1)
      chunky_png (~> 1.2)
      compass-core (~> 1.0.1)
      compass-import-once (~> 1.0.5)
      rb-fsevent (>= 0.9.3)
      rb-inotify (>= 0.9)
      sass (>= 3.3.13, < 3.5)
    compass-core (1.0.1)
      multi_json (~> 1.0)
      sass (>= 3.3.0, < 3.5)
    compass-import-once (1.0.5)
      sass (>= 3.2, < 3.5)
    compass_sumo (0.5.1)
      compass
    dotenv (1.0.2)
    ffi (1.9.6)
    font-awesome-sass (4.2.2)
      sass (~> 3.2)
    foreman (0.77.0)
      dotenv (~> 1.0.2)
      thor (~> 0.19.1)
    forkcms_deploy (2.6.0)
      capistrano (>= 2.0.0)
    highline (1.6.21)
    i18n (0.7.0)
    multi_json (1.10.1)
    net-scp (1.2.1)
      net-ssh (>= 2.6.5)
    net-sftp (2.1.2)
      net-ssh (>= 2.6.5)
    net-ssh (2.9.1)
    net-ssh-gateway (1.2.0)
      net-ssh (>= 2.6.5)
    rb-fsevent (0.9.4)
    rb-inotify (0.9.5)
      ffi (>= 0.5.0)
    sass (3.4.9)
    sumodev (0.8.0)
      activesupport (~> 3.2)
      net-scp
      net-ssh
      thor
    sumodev_deploy (0.6)
      activesupport
      capistrano
    thor (0.19.1)

PLATFORMS
  ruby

DEPENDENCIES
  bootstrap-sass
  capistrano (~> 2.15)
  compass
  compass_sumo
  font-awesome-sass (~> 4.2.0)
  foreman
  forkcms_deploy (>= 2.6.0)
  sumodev (~> 0.8.0)
  sumodev_deploy (~> 0.6)
